GEM
  remote: http://rubygems.org/
  specs:
    gpio (0.0.6)
    minitest (3.3.0)
    rake (0.9.2.2)

PLATFORMS
  ruby

DEPENDENCIES
  gpio
  minitest
  rake
